NRRD0004
# Created by Nrrd_Writer at Fri Sep 12 14:52:41 BST 2014
type: uint8
encoding: gzip
endian: big
dimension: 3
sizes: 1769 1026 108
space dimension: 3
space directions: (0.3189673173076923,0,0) (0,0.318427,0) (0,0,1.0)
space units: "microns" "microns" "microns"
